PATH
  remote: .
  specs:
    app_perf_agent (0.0.9)
      msgpack
      pg
      vmstat (= 2.3.1)

GEM
  remote: https://rubygems.org/
  specs:
    coderay (1.1.1)
    diff-lcs (1.3)
    docile (1.1.5)
    json (2.3.1)
    method_source (0.8.2)
    msgpack (1.3.3)
    pg (1.2.3)
    pry (0.10.4)
      coderay (~> 1.1.0)
      method_source (~> 0.8.1)
      slop (~> 3.4)
    rake (12.0.0)
    rspec (3.6.0)
      rspec-core (~> 3.6.0)
      rspec-expectations (~> 3.6.0)
      rspec-mocks (~> 3.6.0)
    rspec-core (3.6.0)
      rspec-support (~> 3.6.0)
    rspec-expectations (3.6.0)
      diff-lcs (>= 1.2.0, < 2.0)
      rspec-support (~> 3.6.0)
    rspec-mocks (3.6.0)
      diff-lcs (>= 1.2.0, < 2.0)
      rspec-support (~> 3.6.0)
    rspec-support (3.6.0)
    simplecov (0.14.1)
      docile (~> 1.1.0)
      json (>= 1.8, < 3)
      simplecov-html (~> 0.10.0)
    simplecov-html (0.10.1)
    slop (3.6.0)
    vmstat (2.3.1)

PLATFORMS
  ruby

DEPENDENCIES
  app_perf_agent!
  pry (= 0.10.4)
  rake (= 12.0.0)
  rspec (= 3.6.0)
  simplecov (= 0.14.1)

BUNDLED WITH
   1.17.2
